GEM
  remote: http://rubygems.org/
  specs:
    chunky_png (1.2.0)
    coffee-script (2.2.0)
      coffee-script-source
      execjs
    coffee-script-source (1.1.1)
    compass (0.11.5)
      chunky_png (~> 1.2)
      fssm (>= 0.2.7)
      sass (~> 3.1)
    execjs (1.2.0)
      multi_json (~> 1.0)
    fssm (0.2.7)
    guard (0.5.1)
      thor (~> 0.14.6)
    guard-coffeescript (0.3.0)
      coffee-script (>= 2.2.0)
      guard (>= 0.4)
    guard-compass (0.0.6)
      compass (>= 0.10.5)
      guard (>= 0.2.1)
    multi_json (1.0.3)
    sass (3.1.4)
    thor (0.14.6)

PLATFORMS
  ruby

DEPENDENCIES
  guard
  guard-coffeescript
  guard-compass
